PATH
  remote: .
  specs:
    openai-please (0.2.0)
      ruby-openai (~> 3.0)
      tty-prompt (~> 0.23)

GEM
  remote: https://rubygems.org/
  specs:
    ast (2.4.2)
    httparty (0.21.0)
      mini_mime (>= 1.0.0)
      multi_xml (>= 0.5.2)
    mini_mime (1.1.2)
    minitest (5.14.4)
    multi_xml (0.6.0)
    parallel (1.21.0)
    parser (3.0.2.0)
      ast (~> 2.4.1)
    pastel (0.8.0)
      tty-color (~> 0.5)
    rainbow (3.0.0)
    rake (13.0.6)
    regexp_parser (2.1.1)
    rexml (3.2.5)
    rubocop (1.21.0)
      parallel (~> 1.10)
      parser (>= 3.0.0.0)
      rainbow (>= 2.2.2, < 4.0)
      regexp_parser (>= 1.8, < 3.0)
      rexml
      rubocop-ast (>= 1.9.1, < 2.0)
      ruby-progressbar (~> 1.7)
      unicode-display_width (>= 1.4.0, < 3.0)
    rubocop-ast (1.11.0)
      parser (>= 3.0.1.1)
    ruby-openai (3.0.3)
      httparty (>= 0.18.1, < 0.22.0)
    ruby-progressbar (1.11.0)
    tty-color (0.6.0)
    tty-cursor (0.7.1)
    tty-prompt (0.23.1)
      pastel (~> 0.8)
      tty-reader (~> 0.8)
    tty-reader (0.9.0)
      tty-cursor (~> 0.7)
      tty-screen (~> 0.8)
      wisper (~> 2.0)
    tty-screen (0.8.1)
    unicode-display_width (2.0.0)
    wisper (2.0.1)

PLATFORMS
  x86_64-linux

DEPENDENCIES
  minitest (~> 5.0)
  openai-please!
  rake (~> 13.0)
  rubocop (~> 1.7)

BUNDLED WITH
   2.4.3
